GEM
  remote: http://rubygems.org/
  specs:
    bluecloth (2.1.0)
    haml (3.0.25)

PLATFORMS
  ruby

DEPENDENCIES
  bluecloth
  haml
